PATH
  remote: .
  specs:
    elastomer (1.0.0)
      faraday (~> 0.8)
      faraday_middleware (~> 0.9)
      hashie (~> 2.0)
      net-http-persistent (~> 2.8)

GEM
  remote: https://rubygems.org/
  specs:
    faraday (0.8.7)
      multipart-post (~> 1.1)
    faraday_middleware (0.9.0)
      faraday (>= 0.7.4, < 0.9)
    hashie (2.0.3)
    minitest (4.7.1)
    multipart-post (1.2.0)
    net-http-persistent (2.8)

PLATFORMS
  ruby

DEPENDENCIES
  elastomer!
  minitest (~> 4.7)
