PATH
  remote: .
  specs:
    elastomer (1.0.0)

GEM
  remote: http://rubygems.org/
  specs:
    minitest (4.1.0)

PLATFORMS
  ruby

DEPENDENCIES
  elastomer!
  minitest (~> 4.1.0)
