PATH
  remote: .
  specs:
    elastomer (0.1.0)
      addressable (~> 2.3)
      excon (~> 0.20)
      faraday (~> 0.8)
      faraday_middleware (~> 0.9)

GEM
  remote: https://rubygems.org/
  specs:
    addressable (2.3.4)
    excon (0.20.1)
    faraday (0.8.7)
      multipart-post (~> 1.1)
    faraday_middleware (0.9.0)
      faraday (>= 0.7.4, < 0.9)
    json (1.7.7)
    minitest (4.7.1)
    multi_json (1.7.2)
    multipart-post (1.2.0)
    simplecov (0.7.1)
      multi_json (~> 1.0)
      simplecov-html (~> 0.7.1)
    simplecov-html (0.7.1)

PLATFORMS
  ruby

DEPENDENCIES
  elastomer!
  json (~> 1.7)
  minitest (~> 4.7)
  simplecov
