PATH
  remote: .
  specs:
    elastomer-client (2.2.0)
      addressable (~> 2.5)
      faraday (~> 0.8)
      multi_json (~> 1.12)
      semantic (~> 1.6)

GEM
  remote: https://rubygems.org/
  specs:
    activesupport (5.1.4)
      concurrent-ruby (~> 1.0, >= 1.0.2)
      i18n (~> 0.7)
      minitest (~> 5.1)
      tzinfo (~> 1.1)
    addressable (2.5.2)
      public_suffix (>= 2.0.2, < 4.0)
    concurrent-ruby (1.0.5)
    crack (0.4.3)
      safe_yaml (~> 1.0.0)
    docile (1.1.5)
    faraday (0.13.1)
      multipart-post (>= 1.2, < 3)
    hashdiff (0.3.7)
    i18n (0.9.1)
      concurrent-ruby (~> 1.0)
    json (2.1.0)
    minitest (5.10.3)
    minitest-fail-fast (0.1.0)
      minitest (~> 5)
    multi_json (1.12.2)
    multipart-post (2.0.0)
    public_suffix (3.0.1)
    rake (12.3.0)
    safe_yaml (1.0.4)
    semantic (1.6.0)
    simplecov (0.15.1)
      docile (~> 1.1.0)
      json (>= 1.8, < 3)
      simplecov-html (~> 0.10.0)
    simplecov-html (0.10.2)
    thread_safe (0.3.6)
    tzinfo (1.2.4)
      thread_safe (~> 0.1)
    webmock (2.3.2)
      addressable (>= 2.3.6)
      crack (>= 0.3.2)
      hashdiff

PLATFORMS
  ruby

DEPENDENCIES
  activesupport (>= 3.0)
  bundler (~> 1.14)
  elastomer-client!
  minitest (~> 5.10)
  minitest-fail-fast (~> 0.1.0)
  rake
  simplecov
  webmock (~> 2.3)

BUNDLED WITH
   1.16.0
